PATH
  remote: .
  specs:
    scoop (0.0.1)
      mail

GEM
  remote: http://rubygems.org/
  specs:
    awesome_print (0.3.2)
    coderay (0.9.8)
    i18n (0.6.0)
    mail (2.3.0)
      i18n (>= 0.4.0)
      mime-types (~> 1.16)
      treetop (~> 1.4.8)
    method_source (0.4.1)
      ruby_parser (>= 2.0.5)
    mime-types (1.16)
    mocha (0.9.12)
    polyglot (0.3.1)
    pry (0.8.3)
      coderay (>= 0.9.7)
      method_source (>= 0.4.0)
      ruby_parser (>= 2.0.5)
      slop (>= 1.5.3)
    ruby_parser (2.0.6)
      sexp_processor (~> 3.0)
    sexp_processor (3.0.5)
    slop (1.6.0)
    treetop (1.4.9)
      polyglot (>= 0.3.1)

PLATFORMS
  ruby

DEPENDENCIES
  awesome_print
  bundler (>= 1.0.0)
  mocha
  pry
  scoop!
