PATH
  remote: .
  specs:
    scoop (0.0.1)

GEM
  remote: http://rubygems.org/
  specs:
    awesome_print (0.3.2)

PLATFORMS
  ruby

DEPENDENCIES
  awesome_print
  bundler (>= 1.0.0)
  scoop!
